GEM
  remote: https://rubygems.org/
  specs:
    base64 (0.3.0)
    benchmark (0.4.1)
    byebug (12.0.0)
    cuba (4.0.3)
      rack (>= 3.0.0)
      rack-session (>= 2.0.0)
    ffi (1.17.2)
    ffi (1.17.2-x86_64-linux-gnu)
    image_processing (1.14.0)
      mini_magick (>= 4.9.5, < 6)
      ruby-vips (>= 2.0.17, < 3)
    logger (1.7.0)
    marcel (1.0.4)
    mini_magick (5.2.0)
      benchmark
      logger
    nio4r (2.7.4)
    optparse (0.6.0)
    puma (6.6.0)
      nio4r (~> 2.0)
    rack (3.1.16)
    rack-protection (4.1.1)
      base64 (>= 0.1.0)
      logger (>= 1.6.0)
      rack (>= 3.0.0, < 4)
    rack-session (2.1.1)
      base64 (>= 0.1.0)
      rack (>= 3.0.0)
    rackup (2.2.1)
      rack (>= 3)
    ruby-vips (2.2.4)
      ffi (~> 1.12)
      logger
    tilt (2.6.1)

PLATFORMS
  ruby
  x86_64-linux

DEPENDENCIES
  byebug
  cuba
  image_processing
  marcel
  mini_magick
  optparse
  puma
  rack
  rack-protection
  rackup
  ruby-vips
  tilt

BUNDLED WITH
   2.6.7
